GEM
  remote: https://rubygems.org/
  specs:
    addressable (2.3.5)
    bson (1.9.1)
    diff-lcs (1.2.4)
    excon (0.25.1)
    heroku (2.39.4)
      heroku-api (~> 0.3.7)
      launchy (>= 0.3.2)
      netrc (~> 0.7.7)
      rest-client (~> 1.6.1)
      rubyzip
    heroku-api (0.3.13)
      excon (~> 0.25.0)
    launchy (2.3.0)
      addressable (~> 2.3)
    metaclass (0.0.1)
    mime-types (1.23)
    mocha (0.14.0)
      metaclass (~> 0.0.1)
    mongo (1.9.1)
      bson (~> 1.9.1)
    netrc (0.7.7)
    rake (10.1.0)
    rest-client (1.6.7)
      mime-types (>= 1.16)
    rspec (2.13.0)
      rspec-core (~> 2.13.0)
      rspec-expectations (~> 2.13.0)
      rspec-mocks (~> 2.13.0)
    rspec-core (2.13.1)
    rspec-expectations (2.13.0)
      diff-lcs (>= 1.1.3, < 2.0)
    rspec-mocks (2.13.1)
    rubyzip (0.9.9)

PLATFORMS
  ruby

DEPENDENCIES
  heroku (= 2.39.4)
  mocha (= 0.14.0)
  mongo (= 1.9.1)
  rake (= 10.1.0)
  rspec (= 2.13.0)
